GEM
  remote: https://rubygems.org/
  specs:
    byebug (8.2.2)
    rack (1.6.4)
    rack-protection (1.5.3)
      rack
    sinatra (1.4.6)
      rack (~> 1.4)
      rack-protection (~> 1.4)
      tilt (>= 1.3, < 3)
    tilt (2.0.1)

PLATFORMS
  ruby

DEPENDENCIES
  byebug
  sinatra (>= 1.4)

RUBY VERSION
   ruby 2.2.2p95

BUNDLED WITH
   1.12.5
